PATH
  remote: .
  specs:
    alfresco (1.0.0)
      json (~> 2.1, >= 2.1.0)
      typhoeus (~> 1.0, >= 1.0.1)

GEM
  remote: https://rubygems.org/
  specs:
    addressable (2.5.2)
      public_suffix (>= 2.0.2, < 4.0)
    autotest (5.0.0)
      minitest-autotest (~> 1.0)
    autotest-fsevent (0.2.17)
      sys-uname
    autotest-growl (0.2.16)
    autotest-rails-pure (4.1.2)
    crack (0.4.3)
      safe_yaml (~> 1.0.0)
    diff-lcs (1.4.4)
    ethon (0.12.0)
      ffi (>= 1.3.0)
    ffi (1.10.0)
    hashdiff (0.3.7)
    json (2.3.1)
    minitest (5.12.0)
    minitest-autotest (1.1.1)
      minitest-server (~> 1.0)
      path_expander (~> 1.0)
    minitest-server (1.0.6)
      minitest (~> 5.0)
    path_expander (1.1.0)
    public_suffix (3.0.1)
    rake (13.0.1)
    rspec (3.9.0)
      rspec-core (~> 3.9.0)
      rspec-expectations (~> 3.9.0)
      rspec-mocks (~> 3.9.0)
    rspec-core (3.9.2)
      rspec-support (~> 3.9.3)
    rspec-expectations (3.9.2)
      diff-lcs (>= 1.2.0, < 2.0)
      rspec-support (~> 3.9.0)
    rspec-mocks (3.9.1)
      diff-lcs (>= 1.2.0, < 2.0)
      rspec-support (~> 3.9.0)
    rspec-support (3.9.3)
    safe_yaml (1.0.4)
    sys-uname (1.2.1)
      ffi (>= 1.0.0)
    typhoeus (1.4.0)
      ethon (>= 0.9.0)
    vcr (5.1.0)
    webmock (1.24.6)
      addressable (>= 2.3.6)
      crack (>= 0.3.2)
      hashdiff

PLATFORMS
  ruby

DEPENDENCIES
  alfresco!
  autotest (~> 5.0, >= 4.4.6)
  autotest-fsevent (~> 0.2, >= 0.2.12)
  autotest-growl (~> 0.2, >= 0.2.16)
  autotest-rails-pure (~> 4.1, >= 4.1.2)
  rake (~> 13.0.1)
  rspec (~> 3.6, >= 3.6.0)
  vcr (~> 5.1, >= 3.0.1)
  webmock (~> 1.24, >= 1.24.3)

BUNDLED WITH
   1.16.0
