PATH
  remote: .
  specs:
    alfresco (1.0.0)
      json (~> 2.1, >= 2.1.0)
      typhoeus (~> 1.0, >= 1.0.1)

GEM
  remote: https://rubygems.org/
  specs:
    ZenTest (4.11.1)
    addressable (2.7.0)
      public_suffix (>= 2.0.2, < 5.0)
    autotest (4.4.6)
      ZenTest (>= 4.4.1)
    autotest-fsevent (0.2.13)
      sys-uname
    autotest-growl (0.2.16)
    autotest-rails-pure (4.1.2)
    crack (0.4.3)
      safe_yaml (~> 1.0.0)
    diff-lcs (1.3)
    ethon (0.11.0)
      ffi (>= 1.3.0)
    ffi (1.10.0)
    hashdiff (1.0.1)
    json (2.1.0)
    public_suffix (4.0.5)
    rake (12.3.3)
    rspec (3.7.0)
      rspec-core (~> 3.7.0)
      rspec-expectations (~> 3.7.0)
      rspec-mocks (~> 3.7.0)
    rspec-core (3.7.1)
      rspec-support (~> 3.7.0)
    rspec-expectations (3.7.0)
      diff-lcs (>= 1.2.0, < 2.0)
      rspec-support (~> 3.7.0)
    rspec-mocks (3.7.0)
      diff-lcs (>= 1.2.0, < 2.0)
      rspec-support (~> 3.7.0)
    rspec-support (3.7.0)
    safe_yaml (1.0.5)
    sys-uname (1.0.3)
      ffi (>= 1.0.0)
    typhoeus (1.3.0)
      ethon (>= 0.9.0)
    vcr (3.0.3)
    webmock (3.8.3)
      addressable (>= 2.3.6)
      crack (>= 0.3.2)
      hashdiff (>= 0.4.0, < 2.0.0)

PLATFORMS
  ruby

DEPENDENCIES
  alfresco!
  autotest (~> 4.4, >= 4.4.6)
  autotest-fsevent (~> 0.2, >= 0.2.12)
  autotest-growl (~> 0.2, >= 0.2.16)
  autotest-rails-pure (~> 4.1, >= 4.1.2)
  rake (~> 12.3.3)
  rspec (~> 3.6, >= 3.6.0)
  vcr (~> 3.0, >= 3.0.1)
  webmock (~> 3.8, >= 1.24.3)

BUNDLED WITH
   1.16.0
